GEM
  remote: https://rubygems.org/
  specs:
    glfw3 (0.4.5)
    opengl (0.8.0)
    rake (10.1.0)

PLATFORMS
  ruby

DEPENDENCIES
  glfw3
  opengl
  rake
