GEM
  remote: https://rubygems.org/
  specs:
    glfw3 (0.4.5)
    opengl-core (2.0.1)
    rake (10.1.0)

PLATFORMS
  ruby

DEPENDENCIES
  glfw3
  opengl-core
  rake
